GEM
  remote: https://rubygems.org/
  specs:
    bashcov (1.0.1)
      simplecov (~> 0.7.1)
    multi_json (1.7.1)
    simplecov (0.7.1)
      multi_json (~> 1.0)
      simplecov-html (~> 0.7.1)
    simplecov-html (0.7.1)

PLATFORMS
  ruby

DEPENDENCIES
  bashcov (~> 1.0.1)
