GEM
  remote: https://rubygems.org/
  specs:
    bashcov (0.0.5)
      open4
      simplecov
    multi_json (1.5.0)
    open4 (1.3.0)
    simplecov (0.7.1)
      multi_json (~> 1.0)
      simplecov-html (~> 0.7.1)
    simplecov-html (0.7.1)

PLATFORMS
  ruby

DEPENDENCIES
  bashcov (>= 0.0.5)
